GEM
  remote: https://rubygems.org/
  specs:
    activemodel (5.2.2.1)
      activesupport (= 5.2.2.1)
    activesupport (5.2.2.1)
      concurrent-ruby (~> 1.0, >= 1.0.2)
      i18n (>= 0.7, < 2)
      minitest (~> 5.1)
      tzinfo (~> 1.1)
    addressable (2.5.2)
      public_suffix (>= 2.0.2, < 4.0)
    backports (3.12.0)
    coderay (1.1.1)
    concurrent-ruby (1.1.5)
    domain_name (0.5.20180417)
      unf (>= 0.0.5, < 1.0.0)
    faraday (0.15.4)
      multipart-post (>= 1.2, < 3)
    faraday_middleware (0.13.1)
      faraday (>= 0.7.4, < 1.0)
    ffi (1.9.18)
    formatador (0.2.5)
    guard (2.14.1)
      formatador (>= 0.2.4)
      listen (>= 2.7, < 4.0)
      lumberjack (~> 1.0)
      nenv (~> 0.1)
      notiffany (~> 0.0)
      pry (>= 0.9.12)
      shellany (~> 0.0)
      thor (>= 0.18.1)
    guard-pow (2.0.0)
      guard (~> 2.0)
    haml (4.0.7)
      tilt
    http (4.1.1)
      addressable (~> 2.3)
      http-cookie (~> 1.0)
      http-form_data (~> 2.0)
      http_parser.rb (~> 0.6.0)
    http-cookie (1.0.3)
      domain_name (~> 0.5)
    http-form_data (2.1.1)
    http_parser.rb (0.6.0)
    i18n (1.6.0)
      concurrent-ruby (~> 1.0)
    jsonapi-consumer (1.0.1)
      activemodel (>= 3.2)
      activesupport (>= 3.2)
      addressable (~> 2.5.2)
      faraday (>= 0.9)
      faraday_middleware
    listen (3.1.5)
      rb-fsevent (~> 0.9, >= 0.9.4)
      rb-inotify (~> 0.9, >= 0.9.7)
      ruby_dep (~> 1.2)
    lumberjack (1.0.11)
    method_source (0.8.2)
    minitest (5.11.3)
    multi_json (1.13.1)
    multipart-post (2.0.0)
    nenv (0.3.0)
    notiffany (0.1.1)
      nenv (~> 0.1)
      shellany (~> 0.0)
    pry (0.10.4)
      coderay (~> 1.1.0)
      method_source (~> 0.8.1)
      slop (~> 3.4)
    public_suffix (3.0.3)
    rack (1.6.5)
    rack-protection (1.5.3)
      rack
    rack-test (1.1.0)
      rack (>= 1.0, < 3)
    rb-fsevent (0.9.8)
    rb-inotify (0.9.8)
      ffi (>= 0.5.0)
    ruby_dep (1.5.0)
    shellany (0.0.1)
    sinatra (1.4.8)
      rack (~> 1.5)
      rack-protection (~> 1.4)
      tilt (>= 1.3, < 3)
    sinatra-contrib (1.4.7)
      backports (>= 2.0)
      multi_json
      rack-protection
      rack-test
      sinatra (~> 1.4.0)
      tilt (>= 1.3, < 3)
    slop (3.6.0)
    thor (0.19.4)
    thread_safe (0.3.6)
    tilt (2.0.7)
    tzinfo (1.2.5)
      thread_safe (~> 0.1)
    unf (0.1.4)
      unf_ext
    unf_ext (0.0.7.5)

PLATFORMS
  ruby

DEPENDENCIES
  guard-pow
  haml
  http (~> 4.1.1)
  jsonapi-consumer (~> 1.0)
  sinatra
  sinatra-contrib

RUBY VERSION
   ruby 2.6.2p47

BUNDLED WITH
   1.17.2
